GEM
  remote: http://rubygems.org/
  specs:
    diff-lcs (1.2.5)
    facter (1.7.2)
    gpgme (2.0.2)
    hiera (1.2.1)
      json_pure
    hiera-eyaml (2.0.0)
      highline (>= 1.6.19)
      trollop (>= 2.0)
    hiera-eyaml-gpg (0.4)
      gpgme (>= 2.0.0)
      hiera-eyaml (>= 1.3.8)
    hiera-puppet-helper (1.0.1)
    highline (1.6.20)
    json (1.8.0)
    json_pure (1.8.0)
    librarian-puppet (0.9.10)
      json
      thor (~> 0.15)
    metaclass (0.0.1)
    mocha (0.14.0)
      metaclass (~> 0.0.1)
    puppet (3.1.1)
      facter (~> 1.6)
      hiera (~> 1.0)
    puppet-lint (0.3.2)
    puppet-syntax (1.1.0)
      puppet (>= 2.7.0)
      rake
    puppetlabs_spec_helper (0.4.1)
      mocha (>= 0.10.5)
      rake
      rspec (>= 2.9.0)
      rspec-puppet (>= 0.1.1)
    rake (10.1.1)
    rspec (2.14.1)
      rspec-core (~> 2.14.0)
      rspec-expectations (~> 2.14.0)
      rspec-mocks (~> 2.14.0)
    rspec-core (2.14.7)
    rspec-expectations (2.14.4)
      diff-lcs (>= 1.1.3, < 2.0)
    rspec-mocks (2.14.4)
    rspec-puppet (0.1.6)
      rspec
    thor (0.18.1)
    trollop (2.0)

PLATFORMS
  ruby

DEPENDENCIES
  hiera-eyaml (>= 2.0.0)
  hiera-eyaml-gpg (>= 0.4)
  hiera-puppet-helper
  librarian-puppet
  puppet-lint
  puppet-syntax
  puppetlabs_spec_helper
  rake (>= 10.1.0)
  rspec-puppet
